GIT
  remote: git://github.com/TeamDogFace/Petfinder.git
  revision: 7657a6ec11fb5b92a52d8fa26cdac714e05b07de
  specs:
    petfinder (0.0.1)
      httparty

GEM
  remote: https://rubygems.org/
  specs:
    httparty (0.13.1)
      json (~> 1.8)
      multi_xml (>= 0.5.2)
    json (1.8.1)
    multi_xml (0.5.5)
    mysql (2.9.1)

PLATFORMS
  ruby

DEPENDENCIES
  mysql
  petfinder!
