GIT
  remote: https://github.com/TeamDogFace/Petfinder
  revision: 09abbc36270f084ca55fe12561391294636571d8
  ref: 09abbc36270f084ca55fe12561391294636571d8
  specs:
    petfinder (0.0.1)
      httparty

GEM
  remote: https://rubygems.org/
  specs:
    httparty (0.13.1)
      json (~> 1.8)
      multi_xml (>= 0.5.2)
    json (1.8.1)
    multi_xml (0.5.5)
    mysql2 (0.3.15)

PLATFORMS
  ruby

DEPENDENCIES
  mysql2
  petfinder!
