GIT
  remote: https://github.com/TeamDogFace/Petfinder
  revision: c809ddc56b53f922ffe105147a363654f11a2372
  specs:
    petfinder (0.0.3)
      httparty

GEM
  remote: https://rubygems.org/
  specs:
    httparty (0.13.1)
      json (~> 1.8)
      multi_xml (>= 0.5.2)
    json (1.8.1)
    multi_xml (0.5.5)
    mysql2 (0.3.15)
    sqlite3 (1.3.9)

PLATFORMS
  ruby

DEPENDENCIES
  mysql2
  petfinder!
  sqlite3
